GEM
  remote: https://rubygems.org/
  specs:
    childprocess (0.8.0)
      ffi (~> 1.0, >= 1.0.11)
    ffi (1.13.1)

PLATFORMS
  ruby

DEPENDENCIES
  childprocess

BUNDLED WITH
   1.15.1
